GEM
  remote: https://rubygems.org/
  specs:
    codecov (0.1.16)
      json
      simplecov
      url
    docile (1.3.2)
    foreman (0.86.0)
    json (2.2.0)
    mustermann (1.0.3)
    rack (2.0.8)
    rack-protection (2.0.7)
      rack
    rack-test (1.1.0)
      rack (>= 1.0, < 3)
    simplecov (0.17.1)
      docile (~> 1.1)
      json (>= 1.8, < 3)
      simplecov-html (~> 0.10.0)
    simplecov-html (0.10.2)
    sinatra (2.0.7)
      mustermann (~> 1.0)
      rack (~> 2.0)
      rack-protection (= 2.0.7)
      tilt (~> 2.0)
    tilt (2.0.10)
    url (0.3.2)

PLATFORMS
  ruby

DEPENDENCIES
  codecov
  foreman
  rack-test
  simplecov
  sinatra

BUNDLED WITH
   2.0.2
